GEM
  remote: https://rubygems.org/
  specs:
    faraday (0.9.2)
      multipart-post (>= 1.2, < 3)
    json (1.8.3)
    multi_json (1.11.2)
    multipart-post (2.0.0)
    pg (0.18.3)
    rack (1.6.4)
    rack-protection (1.5.3)
      rack
    sequel (4.28.0)
    sinatra (1.4.6)
      rack (~> 1.4)
      rack-protection (~> 1.4)
      tilt (>= 1.3, < 3)
    sinatra-json (0.1.0)
      multi_json (~> 1.0)
      sinatra (~> 1.0)
    tilt (2.0.1)

PLATFORMS
  ruby

DEPENDENCIES
  faraday
  json
  pg
  sequel
  sinatra
  sinatra-json

BUNDLED WITH
   1.10.6
